GEM
  remote: http://rubygems.org/
  specs:
    ValidateEmail (1.0.0)
    faker (1.0.1)
      i18n (~> 0.4)
    i18n (0.6.0)
    mail (2.4.4)
      i18n (>= 0.4.0)
      mime-types (~> 1.16)
      treetop (~> 1.4.8)
    mime-types (1.18)
    parallel (0.5.16)
    polyglot (0.3.3)
    pony (1.4)
      mail (> 2.0)
    treetop (1.4.10)
      polyglot
      polyglot (>= 0.3.1)

PLATFORMS
  ruby

DEPENDENCIES
  ValidateEmail
  faker
  parallel
  pony
